GEM
  specs:
    coffee-script-source (1.1.1)
    erubis (2.7.0)

PLATFORMS
  ruby

DEPENDENCIES
  coffee-script-source
  erubis
